GEM
  remote: https://rubygems.org/
  specs:
    bcrypt (3.1.12)
    erubi (1.7.1)
    ffi (1.9.25)
    listen (3.1.5)
      rb-fsevent (~> 0.9, >= 0.9.4)
      rb-inotify (~> 0.9, >= 0.9.7)
      ruby_dep (~> 1.2)
    mail (2.7.1)
      mini_mime (>= 0.1.1)
    mini_mime (1.0.1)
    pg (1.1.3)
    rack (2.0.6)
    rack_csrf (2.6.0)
      rack (>= 1.1.0)
    rake (12.3.1)
    rb-fsevent (0.10.3)
    rb-inotify (0.9.10)
      ffi (>= 0.5.0, < 2)
    rerun (0.13.0)
      listen (~> 3.0)
    roda (3.14.1)
      rack
    rodauth (1.19.1)
      roda (>= 2.6.0)
      sequel (>= 4)
    ruby_dep (1.5.0)
    sequel (5.14.0)
    sqlite3 (1.3.13)
    tilt (2.0.9)

PLATFORMS
  ruby

DEPENDENCIES
  bcrypt
  erubi
  mail
  pg
  rack_csrf
  rake
  rerun
  roda
  rodauth
  sequel
  sqlite3
  tilt

BUNDLED WITH
   1.16.3
